GEM
  remote: http://rubygems.org/
  specs:
    activesupport (4.2.3)
      i18n (~> 0.7)
      json (~> 1.7, >= 1.7.7)
      minitest (~> 5.1)
      thread_safe (~> 0.3, >= 0.3.4)
      tzinfo (~> 1.1)
    claide (0.8.1)
    clamp (0.6.5)
    cocoapods (0.36.1)
      activesupport (>= 3.2.15)
      claide (~> 0.8.1)
      cocoapods-core (= 0.36.1)
      cocoapods-downloader (~> 0.8.1)
      cocoapods-plugins (~> 0.4.1)
      cocoapods-trunk (~> 0.6.0)
      cocoapods-try (~> 0.4.3)
      colored (~> 1.2)
      escape (~> 0.0.4)
      molinillo (~> 0.2.1)
      nap (~> 0.8)
      open4 (~> 1.3)
      xcodeproj (~> 0.23.1)
    cocoapods-core (0.36.1)
      activesupport (>= 3.2.15)
      fuzzy_match (~> 2.0.4)
      nap (~> 0.8.0)
    cocoapods-coverage (0.1.0)
      cocoapods-testing (>= 0.1.0)
      slather (>= 1.6.0)
    cocoapods-docstats (0.0.3)
      docstat
    cocoapods-downloader (0.8.1)
    cocoapods-packager (1.1.1)
    cocoapods-plugins (0.4.1)
      nap
    cocoapods-testing (0.1.0)
      xctasks (>= 0.5.0)
    cocoapods-trunk (0.6.0)
      nap (>= 0.8)
      netrc (= 0.7.8)
    cocoapods-try (0.4.3)
    colored (1.2)
    credentials_manager (0.7.0)
      colored
      highline (>= 1.7.1)
      security
    docstat (1.0.4)
      sqlite3
    escape (0.0.4)
    faraday (0.9.1)
      multipart-post (>= 1.2, < 3)
    faraday_middleware (0.10.0)
      faraday (>= 0.7.4, < 0.10)
    fuzzy_match (2.0.4)
    highline (1.7.2)
    i18n (0.7.0)
    json (1.8.3)
    mini_portile (0.6.0)
    minitest (5.7.0)
    molinillo (0.2.2)
    multi_xml (0.5.5)
    multipart-post (2.0.0)
    nap (0.8.0)
    netrc (0.7.8)
    nokogiri (1.6.3.1)
      mini_portile (= 0.6.0)
    open4 (1.3.4)
    plist (3.1.0)
    rake (10.4.2)
    security (0.1.3)
    slather (1.7.0)
      clamp (~> 0.6)
      nokogiri (~> 1.6.3)
      xcodeproj (~> 0.23.0)
    spaceship (0.3.2)
      credentials_manager (>= 0.5.0)
      faraday (~> 0.9)
      faraday_middleware (~> 0.9)
      multi_xml (~> 0.5)
      plist (~> 3.1)
    sqlite3 (1.3.10)
    thread_safe (0.3.5)
    tzinfo (1.2.2)
      thread_safe (~> 0.1)
    xcode-install (0.9.1)
      claide (~> 0.8.1)
      spaceship (~> 0.3.2)
    xcodeproj (0.23.1)
      activesupport (>= 3)
      colored (~> 1.2)
    xcpretty (0.1.8)
    xctasks (0.5.0)
      nokogiri (~> 1.6, >= 1.6.3.1)
      rake (~> 10.0, >= 10.0.0)

PLATFORMS
  ruby

DEPENDENCIES
  cocoapods (>= 0.36.0)
  cocoapods-coverage (>= 0.0.3)
  cocoapods-docstats
  cocoapods-packager
  nokogiri (= 1.6.3.1)
  xcode-install
  xcpretty

BUNDLED WITH
   1.10.5
